GEM
  remote: http://rubygems.org/
  specs:
    bourbon (3.1.1)
      sass (>= 3.2.0)
      thor
    daemons (1.1.9)
    eventmachine (1.0.3)
    rack (1.5.2)
    rack-protection (1.5.0)
      rack
    rack-ssl (1.3.3)
      rack
    sass (3.2.7)
    sinatra (1.4.2)
      rack (~> 1.5, >= 1.5.2)
      rack-protection (~> 1.4)
      tilt (~> 1.3, >= 1.3.4)
    thin (1.5.1)
      daemons (>= 1.0.9)
      eventmachine (>= 0.12.6)
      rack (>= 1.0.0)
    thor (0.18.1)
    tilt (1.3.6)
    yamler (0.1.0)

PLATFORMS
  ruby

DEPENDENCIES
  bourbon
  rack-ssl (~> 1.3.3)
  sass
  sinatra
  thin
  yamler
